GEM
  remote: http://rubygems.org/
  specs:
    activemodel (4.0.4)
      activesupport (= 4.0.4)
      builder (~> 3.1.0)
    activerecord (4.0.4)
      activemodel (= 4.0.4)
      activerecord-deprecated_finders (~> 1.0.2)
      activesupport (= 4.0.4)
      arel (~> 4.0.0)
    activerecord-deprecated_finders (1.0.3)
    activerecord-import (0.5.0)
      activerecord (>= 3.0)
    activesupport (4.0.4)
      i18n (~> 0.6, >= 0.6.9)
      minitest (~> 4.2)
      multi_json (~> 1.3)
      thread_safe (~> 0.1)
      tzinfo (~> 0.3.37)
    allure-ruby-adaptor-api (0.6.4)
      mimemagic
      nokogiri (~> 1.6.0)
      uuid
    arel (4.0.2)
    atomic (1.1.16)
    backports (3.6.0)
    builder (3.1.4)
    childprocess (0.5.5)
      ffi (~> 1.0, >= 1.0.11)
    daemons (1.1.9)
    eventmachine (1.0.3-x86-mingw32)
    facets (2.9.3)
    ffi (1.9.6-x86-mingw32)
    haml (4.0.5)
      tilt
    i18n (0.6.9)
    little-plugger (1.1.3)
    logging (1.8.2)
      little-plugger (>= 1.1.3)
      multi_json (>= 1.8.4)
    macaddr (1.7.1)
      systemu (~> 2.6.2)
    mimemagic (0.2.1)
    mini_portile (0.6.0)
    minitest (4.7.5)
    multi_json (1.9.2)
    mysql2 (0.3.15)
    nokogiri (1.6.3.1-x86-mingw32)
      mini_portile (= 0.6.0)
    polyamorous (0.6.4)
      activerecord (>= 3.0)
    rack (1.5.2)
    rack-protection (1.5.2)
      rack
    rack-test (0.6.2)
      rack (>= 1.0)
    rubyzip (1.1.2)
    selenium-webdriver (2.43.0)
      childprocess (~> 0.5)
      multi_json (~> 1.0)
      rubyzip (~> 1.0)
      websocket (~> 1.0)
    sinatra (1.4.4)
      rack (~> 1.4)
      rack-protection (~> 1.4)
      tilt (~> 1.3, >= 1.3.4)
    sinatra-contrib (1.4.2)
      backports (>= 2.0)
      multi_json
      rack-protection
      rack-test
      sinatra (~> 1.4.0)
      tilt (~> 1.3)
    sinatra-flash (0.3.0)
      sinatra (>= 1.0.0)
    sinatra-partial (0.4.0)
      sinatra
    sqlite3 (1.3.9-x86-mingw32)
    squeel (1.1.1)
      activerecord (>= 3.0)
      activesupport (>= 3.0)
      polyamorous (~> 0.6.0)
    systemu (2.6.4)
    thin (1.6.2)
      daemons (>= 1.0.9)
      eventmachine (>= 1.0.0)
      rack (>= 1.0.0)
    thread_safe (0.3.1)
      atomic (>= 1.1.7, < 2)
    tilt (1.4.1)
    tzinfo (0.3.39)
    uuid (2.3.7)
      macaddr (~> 1.0)
    watir-webdriver (0.6.11)
      selenium-webdriver (>= 2.18.0)
    websocket (1.2.1)

PLATFORMS
  x86-mingw32

DEPENDENCIES
  activerecord
  activerecord-import
  allure-ruby-adaptor-api
  facets
  haml
  logging
  mysql2
  rubyzip
  sinatra
  sinatra-contrib
  sinatra-flash
  sinatra-partial
  sqlite3
  squeel
  thin
  watir-webdriver
